GEM
  remote: https://rubygems.org/
  specs:
    builder (3.2.4)
    coderay (1.1.3)
    ffi (1.15.1)
    haikunator (1.1.1)
    hashids (1.0.5)
    listen (3.5.1)
      rb-fsevent (~> 0.10, >= 0.10.3)
      rb-inotify (~> 0.9, >= 0.9.10)
    mail (2.7.1)
      mini_mime (>= 0.1.1)
    markaby (0.9.0)
      builder
    method_source (1.0.0)
    mini_mime (1.1.0)
    nio4r (2.5.7)
    pry (0.13.1)
      coderay (~> 1.1)
      method_source (~> 1.0)
    puma (5.3.1)
      nio4r (~> 2.0)
    rack (2.2.3)
    rack-console (1.3.1)
      rack (>= 1.1)
      rack-test
    rack-test (1.1.0)
      rack (>= 1.0, < 3)
    rake (13.0.3)
    rb-fsevent (0.11.0)
    rb-inotify (0.10.1)
      ffi (~> 1.0)
    rerun (0.13.1)
      listen (~> 3.0)
    roda (3.42.0)
      rack
    sequel (5.43.0)
    sequel-hash_id (0.1.2)
      hashids (~> 1.0)
      sequel (>= 4.0, < 6.0)
    sqlite3 (1.4.2)
    tilt (2.0.10)

PLATFORMS
  x86_64-linux

DEPENDENCIES
  haikunator
  mail
  markaby
  pry (~> 0.13.1)
  puma
  rack
  rack-console
  rake
  rerun
  roda
  sequel
  sequel-hash_id
  sqlite3 (~> 1.4)
  tilt

BUNDLED WITH
   2.2.15
